GIT
  remote: https://github.com/rails/rails.git
  revision: c2897901de4266e5c02da6cc5a9348bfde13552e
  branch: 3-2-stable
  specs:
    activemodel (3.2.2)
      activesupport (= 3.2.2)
      builder (~> 3.0.0)
    activerecord (3.2.2)
      activemodel (= 3.2.2)
      activesupport (= 3.2.2)
      arel (~> 3.0.2)
      tzinfo (~> 0.3.29)
    activesupport (3.2.2)
      i18n (~> 0.6)
      multi_json (~> 1.0)

GIT
  remote: https://github.com/rails/rails.git
  revision: c2897901de4266e5c02da6cc5a9348bfde13552e
  branch: 3-2-stable
  specs:
    activemodel (3.2.2)
      activesupport (= 3.2.2)
      builder (~> 3.0.0)
    activerecord (3.2.2)
      activemodel (= 3.2.2)
      activesupport (= 3.2.2)
      arel (~> 3.0.2)
      tzinfo (~> 0.3.29)
    activesupport (3.2.2)
      i18n (~> 0.6)
      multi_json (~> 1.0)

GEM
  remote: http://rubygems.org/
  specs:
    arel (3.0.2)
    builder (3.0.0)
    factory_girl (2.6.0)
      activesupport (>= 2.3.9)
    fuzzy-string-match_pure (0.9.3)
    geocoder (1.1.1)
    i18n (0.6.0)
    macaddr (1.5.0)
      systemu (>= 2.4.0)
    multi_json (1.1.0)
    pg (0.13.2)
    rack (1.4.1)
    rack-protection (1.2.0)
      rack
    rack-test (0.6.1)
      rack (>= 1.0)
    redis (2.2.2)
    sequel (3.33.0)
    sinatra (1.3.2)
      rack (~> 1.3, >= 1.3.6)
      rack-protection (~> 1.2)
      tilt (~> 1.3, >= 1.3.3)
    sqlite3 (1.3.5)
    systemu (2.4.2)
    tilt (1.3.3)
    tzinfo (0.3.31)
    uuid (2.3.5)
      macaddr (~> 1.0)
    yajl-ruby (1.1.0)

PLATFORMS
  ruby

DEPENDENCIES
  activerecord!
  activesupport!
  factory_girl
  fuzzy-string-match_pure
  geocoder
  pg
  rack-test
  redis
  sequel
  sinatra
  sqlite3
  uuid
  yajl-ruby
